GEM
  remote: https://rubygems.org/
  specs:
    actionmailer (2.3.15)
      actionpack (= 2.3.15)
    actionpack (2.3.15)
      activesupport (= 2.3.15)
      rack (~> 1.1.3)
    activerecord (2.3.15)
      activesupport (= 2.3.15)
    activeresource (2.3.15)
      activesupport (= 2.3.15)
    activesupport (2.3.15)
    mislav-will_paginate (2.2.3)
    mysql (2.9.1)
    needle (1.3.0)
    net-ssh (1.1.4)
      needle (>= 1.2.0)
    rack (1.1.6)
    rails (2.3.15)
      actionmailer (= 2.3.15)
      actionpack (= 2.3.15)
      activerecord (= 2.3.15)
      activeresource (= 2.3.15)
      activesupport (= 2.3.15)
      rake (>= 0.8.3)
    rake (10.5.0)

PLATFORMS
  ruby

DEPENDENCIES
  mislav-will_paginate (= 2.2.3)
  mysql
  net-ssh (= 1.1.4)
  rails (= 2.3.15)

RUBY VERSION
   ruby 1.8.7p375

BUNDLED WITH
   1.16.0
